GIT
  remote: git://github.com/RubyMoney/money-rails.git
  revision: c2d6f90e3e258d48ab4b0a783dab6c1c2b5c7f12
  specs:
    money-rails (0.6.0)
      activesupport (~> 3.0)
      money (~> 5.0.0)
      railties (~> 3.0)

GIT
  remote: git://github.com/analog-analytics/attr_encrypted.git
  revision: e3429db1ab3b3bf9a622579f8e6e28f830c3b901
  specs:
    attr_encrypted (1.2.1)
      encryptor (>= 1.1.1)

GIT
  remote: git://github.com/analog-analytics/bespoke_contact_validation.git
  revision: b5155d7ec45147a64153a9b1bdc80b7945cb087f
  specs:
    bespoke_contact_validation (0.0.3)

GIT
  remote: git://github.com/analog-analytics/clearance.git
  revision: ea0bf5c726297cb66481c91eb5363aa162d4325b
  specs:
    clearance (1.0.0.rc2)
      bcrypt-ruby
      diesel (= 0.1.5)
      rails (>= 3.0)

GIT
  remote: git://github.com/analog-analytics/encryptor.git
  revision: 1f3d12f9ed7f0792247e2435f48a958bc9e9ca9f
  specs:
    encryptor (1.1.3)

GIT
  remote: git://github.com/analog-analytics/i18n_option_helpers.git
  revision: 49012f66670cd5484e1c3a0d1cbf8f27236f4bc9
  specs:
    i18n_option_helpers (0.0.1)
      i18n
      mocha
      shoulda

GIT
  remote: git://github.com/analog-analytics/selective_validation.git
  revision: b1896381b4ae95150f1e906f366d5db062d8ecc9
  specs:
    selective_validation (0.0.3)
      activemodel
      shoulda-context

GIT
  remote: git://github.com/codegram/date_validator.git
  revision: 69db9042710380eaff2541091aaa74282affea2d
  specs:
    date_validator (0.6.3)
      activemodel (~> 3.0)

GIT
  remote: git://github.com/geothird/vestal_versions.git
  revision: 7bbf5f95e3b83d5e110f54b3f53c00559580d0f1
  specs:
    vestal_versions (1.2.3)
      activerecord (>= 3.1.0)
      activesupport (>= 3.1.0)

GIT
  remote: git@github.com:analog-analytics/paf.git
  revision: fc12fa4f1f29acd08d919d1acd6190166dd46982
  specs:
    paf (0.0.1)

GEM
  remote: https://rubygems.org/
  specs:
    actionmailer (3.2.8)
      actionpack (= 3.2.8)
      mail (~> 2.4.4)
    actionpack (3.2.8)
      activemodel (= 3.2.8)
      activesupport (= 3.2.8)
      builder (~> 3.0.0)
      erubis (~> 2.7.0)
      journey (~> 1.0.4)
      rack (~> 1.4.0)
      rack-cache (~> 1.2)
      rack-test (~> 0.6.1)
      sprockets (~> 2.1.3)
    activemodel (3.2.8)
      activesupport (= 3.2.8)
      builder (~> 3.0.0)
    activerecord (3.2.8)
      activemodel (= 3.2.8)
      activesupport (= 3.2.8)
      arel (~> 3.0.2)
      tzinfo (~> 0.3.29)
    activeresource (3.2.8)
      activemodel (= 3.2.8)
      activesupport (= 3.2.8)
    activesupport (3.2.8)
      i18n (~> 0.6)
      multi_json (~> 1.0)
    acts_as_list (0.1.8)
    addressable (2.3.2)
    arel (3.0.2)
    aws-sdk (1.3.9)
      httparty (~> 0.7)
      json (~> 1.4)
      nokogiri (>= 1.4.4)
      uuidtools (~> 2.1)
    bcrypt-ruby (3.0.1)
    builder (3.0.3)
    capybara (1.1.2)
      mime-types (>= 1.16)
      nokogiri (>= 1.3.3)
      rack (>= 1.0.0)
      rack-test (>= 0.5.4)
      selenium-webdriver (~> 2.0)
      xpath (~> 0.1.4)
    capybara-screenshot (0.2.2)
      capybara (>= 1.0)
    capybara-webkit (0.12.1)
      capybara (>= 1.0.0, < 1.2)
      json
    childprocess (0.3.5)
      ffi (~> 1.0, >= 1.0.6)
    cocaine (0.3.0)
    coderay (1.0.7)
    coffee-rails (3.2.2)
      coffee-script (>= 2.2.0)
      railties (~> 3.2.0)
    coffee-script (2.2.0)
      coffee-script-source
      execjs
    coffee-script-source (1.3.3)
    columnize (0.3.6)
    database_cleaner (0.8.0)
    debugger (1.2.0)
      columnize (>= 0.3.1)
      debugger-linecache (~> 1.1.1)
      debugger-ruby_core_source (~> 1.1.3)
    debugger-linecache (1.1.2)
      debugger-ruby_core_source (>= 1.1.1)
    debugger-ruby_core_source (1.1.3)
    diesel (0.1.5)
      railties
    erubis (2.7.0)
    execjs (1.4.0)
      multi_json (~> 1.0)
    factory_girl (3.6.1)
      activesupport (>= 3.0.0)
    factory_girl_rails (3.6.0)
      factory_girl (~> 3.6.0)
      railties (>= 3.0.0)
    fakeweb (1.3.0)
    ffi (1.1.5)
    guard (1.3.2)
      listen (>= 0.4.2)
      thor (>= 0.14.6)
    guard-spork (1.1.0)
      guard (>= 1.1)
      spork (>= 0.8.4)
    hike (1.2.1)
    httparty (0.9.0)
      multi_json (~> 1.0)
      multi_xml
    i18n (0.6.1)
    journey (1.0.4)
    jquery-rails (2.0.3)
      railties (>= 3.1.0, < 5.0)
      thor (~> 0.14)
    json (1.7.5)
    kgio (2.7.4)
    launchy (2.1.2)
      addressable (~> 2.3)
    libv8 (3.3.10.4)
    libwebsocket (0.1.5)
      addressable
    listen (0.5.0)
    macaddr (1.6.1)
      systemu (~> 2.5.0)
    mail (2.4.4)
      i18n (>= 0.4.0)
      mime-types (~> 1.16)
      treetop (~> 1.4.8)
    metaclass (0.0.1)
    method_source (0.8)
    mime-types (1.19)
    mocha (0.12.4)
      metaclass (~> 0.0.1)
    money (5.0.0)
      i18n (~> 0.4)
      json
    multi_json (1.3.6)
    multi_xml (0.5.1)
    mysql2 (0.3.11)
    nokogiri (1.5.5)
    paperclip (3.2.0)
      activemodel (>= 3.0.0)
      activerecord (>= 3.0.0)
      activesupport (>= 3.0.0)
      cocaine (>= 0.0.2)
      mime-types
    polyglot (0.3.3)
    pry (0.9.10)
      coderay (~> 1.0.5)
      method_source (~> 0.8)
      slop (~> 3.3.1)
    pry-doc (0.4.4)
      pry (>= 0.9.9.6)
      yard (~> 0.8.1)
    pry-rails (0.2.1)
      pry (>= 0.9.10)
    rack (1.4.1)
    rack-cache (1.2)
      rack (>= 0.4)
    rack-ssl (1.3.2)
      rack
    rack-test (0.6.1)
      rack (>= 1.0)
    rails (3.2.8)
      actionmailer (= 3.2.8)
      actionpack (= 3.2.8)
      activerecord (= 3.2.8)
      activeresource (= 3.2.8)
      activesupport (= 3.2.8)
      bundler (~> 1.0)
      railties (= 3.2.8)
    rails-i18n (0.6.6)
      i18n (~> 0.5)
    railties (3.2.8)
      actionpack (= 3.2.8)
      activesupport (= 3.2.8)
      rack-ssl (~> 1.3.2)
      rake (>= 0.8.7)
      rdoc (~> 3.4)
      thor (>= 0.14.6, < 2.0)
    raindrops (0.10.0)
    rake (0.9.2.2)
    rb-fsevent (0.9.1)
    rb-readline (0.4.2)
    rdoc (3.12)
      json (~> 1.4)
    red_unicorn (1.1.7)
      unicorn
    rubyzip (0.9.9)
    sass (3.2.1)
    sass-rails (3.2.5)
      railties (~> 3.2.0)
      sass (>= 3.1.10)
      tilt (~> 1.3)
    seedbank (0.2.0)
    selenium-webdriver (2.25.0)
      childprocess (>= 0.2.5)
      libwebsocket (~> 0.1.3)
      multi_json (~> 1.0)
      rubyzip
    shoulda (3.1.1)
      shoulda-context (~> 1.0)
      shoulda-matchers (~> 1.2)
    shoulda-context (1.0.0)
    shoulda-matchers (1.3.0)
      activesupport (>= 3.0.0)
    simple_form (2.0.2)
      actionpack (~> 3.0)
      activemodel (~> 3.0)
    slop (3.3.3)
    spork (1.0.0rc3)
    spork-rails (3.2.0)
      rails (>= 3.0.0, < 3.3.0)
      spork (>= 1.0rc0)
    spork-testunit (0.0.8)
      spork (>= 0.6.0)
    sprockets (2.1.3)
      hike (~> 1.2)
      rack (~> 1.0)
      tilt (~> 1.1, != 1.3.0)
    sqlite3 (1.3.6)
    systemu (2.5.2)
    testrbl (0.1.13)
    therubyracer (0.10.2)
      libv8 (~> 3.3.10)
    thor (0.16.0)
    tilt (1.3.3)
    timecop (0.3.5)
    treetop (1.4.10)
      polyglot
      polyglot (>= 0.3.1)
    tzinfo (0.3.33)
    uglifier (1.0.4)
      execjs (>= 0.3.0)
      multi_json (>= 1.0.2)
    unicorn (4.3.1)
      kgio (~> 2.6)
      rack
      raindrops (~> 0.7)
    uuid (2.3.5)
      macaddr (~> 1.0)
    uuidtools (2.1.3)
    valid_email (0.0.4)
      activemodel
      mail
    will-paginate-i18n (0.1.11)
    will_paginate (3.0.3)
    xpath (0.1.4)
      nokogiri (~> 1.3)
    yard (0.8.2.1)

PLATFORMS
  ruby

DEPENDENCIES
  acts_as_list
  attr_encrypted!
  aws-sdk (~> 1.3.4)
  bcrypt-ruby (~> 3.0.0)
  bespoke_contact_validation (~> 0.0.3)!
  capybara (~> 1.1.2)
  capybara-screenshot (= 0.2.2)
  capybara-webkit (~> 0.12.1)
  clearance!
  coffee-rails (~> 3.2.1)
  database_cleaner (~> 0.8.0)
  date_validator (= 0.6.3)!
  debugger
  encryptor!
  factory_girl_rails (~> 3.6.0)
  fakeweb
  guard-spork (~> 1.1.0)
  i18n_option_helpers (~> 0.0.1)!
  jquery-rails (~> 2.0.2)
  launchy (~> 2.1.1)
  mocha (~> 0.12.1)
  money-rails (~> 0.6.0)!
  mysql2
  nokogiri
  paf!
  paperclip
  pry
  pry-doc
  pry-rails
  rails (~> 3.2.7)
  rails-i18n
  rb-fsevent (~> 0.9.1)
  rb-readline
  red_unicorn
  sass-rails (~> 3.2.3)
  seedbank
  selective_validation (~> 0.0.3)!
  shoulda-context (~> 1.0.0)
  simple_form (~> 2.0)
  spork-rails (~> 3.2.0)
  spork-testunit (~> 0.0.8)
  sqlite3 (~> 1.3.6)
  testrbl
  therubyracer
  timecop (~> 0.3.4)
  uglifier (~> 1.0.3)
  unicorn
  uuid (~> 2.3.5)
  valid_email (~> 0.0.4)
  vestal_versions!
  will-paginate-i18n
  will_paginate
